PATH
  remote: .
  specs:
    wexpr (0.1.5)

GEM
  remote: https://rubygems.org/
  specs:
    minitest (5.11.3)
    rake (12.3.3)

PLATFORMS
  ruby

DEPENDENCIES
  bundler (~> 1.16)
  minitest (~> 5.0)
  rake (~> 12.3)
  wexpr!

BUNDLED WITH
   1.16.1
